GEM
  remote: https://rubygems.org/
  specs:
    date (3.1.0)
    diff-lcs (1.4.4)
    httparty (0.18.1)
      mime-types (~> 3.0)
      multi_xml (>= 0.5.2)
    mime-types (3.3.1)
      mime-types-data (~> 3.2015)
    mime-types-data (3.2020.1104)
    multi_xml (0.6.0)
    nokogiri (1.11.1-x86_64-linux)
      racc (~> 1.4)
    open-uri (0.1.0)
      stringio
      time
      uri
    racc (1.5.2)
    rspec (3.10.0)
      rspec-core (~> 3.10.0)
      rspec-expectations (~> 3.10.0)
      rspec-mocks (~> 3.10.0)
    rspec-core (3.10.1)
      rspec-support (~> 3.10.0)
    rspec-expectations (3.10.1)
      diff-lcs (>= 1.2.0, < 2.0)
      rspec-support (~> 3.10.0)
    rspec-mocks (3.10.1)
      diff-lcs (>= 1.2.0, < 2.0)
      rspec-support (~> 3.10.0)
    rspec-support (3.10.1)
    stringio (3.0.0)
    time (0.1.0)
      date
    uri (0.10.1)

PLATFORMS
  x86_64-linux

DEPENDENCIES
  httparty
  nokogiri
  open-uri
  rspec

RUBY VERSION
   ruby 3.0.0p0

BUNDLED WITH
   2.2.5
